GIT
  remote: git://github.com/swipely/docker-api.git
  revision: ba408da63b5ce25d3e5753865d3834239a219ce4
  branch: add-archive
  specs:
    docker-api (1.23.0)
      excon (>= 0.38.0)
      json

GEM
  remote: https://rubygems.org/
  specs:
    coderay (1.1.0)
    excon (0.45.4)
    json (1.8.3)
    method_source (0.8.2)
    pry (0.10.1)
      coderay (~> 1.1.0)
      method_source (~> 0.8.1)
      slop (~> 3.4)
    slop (3.6.0)

PLATFORMS
  ruby

DEPENDENCIES
  docker-api!
  pry

BUNDLED WITH
   1.10.5
